CONTENT: NONE
NUGET
  remote: http://beta.aleagpu.com/nuget
    Alea.CudaToolkit (1.0.4)
      Alea.Interop (>= 1.0.4) - framework: >= net40
    Alea.CudaToolkit80 (1.0.0-beta4)
    Alea.Interop (1.0.4) - framework: >= net40
  remote: https://www.nuget.org/api/v2
    CSMatIO (1.0.2)
      zlib.net (>= 1.0.4)
    FAKE (4.61.1)
    Fody (1.30.0-beta01)
    FodyCecil (1.30.0-beta01)
    FSharp.Charting (0.90.14)
    FSharp.Core (4.0.0.1)
    FSPowerPack.Community (3.0)
      FSPowerPack.Linq.Community
      FSPowerPack.Metadata.Community
      FSPowerPack.Parallel.Seq.Community
    FSPowerPack.Core.Community (3.0)
    FSPowerPack.Linq.Community (3.0)
      FSPowerPack.Core.Community
    FSPowerPack.Metadata.Community (3.0)
      FSPowerPack.Core.Community
    FSPowerPack.Parallel.Seq.Community (3.0)
      FSPowerPack.Core.Community
    FsUnit (1.4.1)
      FSharp.Core (>= 3.1.2.5)
      NUnit (2.6.4)
    ILMerge.Tools (2.14.1208)
    Mono.Posix (4.0)
    NuGet.CommandLine (3.3)
    NUnit (2.6.4)
    OpenTK (1.1.2225)
    SharpDX (3.0.1)
    SharpDX.Desktop (3.0.1)
      SharpDX (>= 3.0.1)
    SharpDX.Direct3D9 (3.0.1)
      SharpDX (>= 3.0.1)
    SharpDX.Mathematics (3.0.1)
      SharpDX (>= 3.0.1)
    SharpZipLib (0.86)
    Templatus (0.2.1)
    zlib.net (1.0.4)
